PATH
  remote: .
  specs:
    bookmarks (0.0.1)

GEM
  remote: https://rubygems.org/
  specs:
    activemodel (3.2.3)
      activesupport (= 3.2.3)
      builder (~> 3.0.0)
    activerecord (3.2.3)
      activemodel (= 3.2.3)
      activesupport (= 3.2.3)
      arel (~> 3.0.2)
      tzinfo (~> 0.3.29)
    activesupport (3.2.3)
      i18n (~> 0.6)
      multi_json (~> 1.0)
    arel (3.0.2)
    builder (3.0.0)
    foreman (0.60.2)
      thor (>= 0.13.6)
    haml (3.1.6)
    i18n (0.6.0)
    json (1.7.3)
    kgio (2.7.4)
    memcache-client (1.8.5)
    multi_json (1.0.3)
    rack (1.4.1)
    rack-protection (1.2.0)
      rack
    raindrops (0.10.0)
    rake (0.9.2.2)
    sass (3.2.1)
    sinatra (1.3.2)
      rack (~> 1.3, >= 1.3.6)
      rack-protection (~> 1.2)
      tilt (~> 1.3, >= 1.3.3)
    sqlite3 (1.3.6)
    thor (0.16.0)
    tilt (1.3.3)
    tzinfo (0.3.33)
    unicorn (4.5.0)
      kgio (~> 2.6)
      rack
      raindrops (~> 0.7)

PLATFORMS
  ruby

DEPENDENCIES
  activerecord
  bookmarks!
  foreman
  haml
  json
  memcache-client
  rake
  sass
  sinatra
  sqlite3
  unicorn
